GEM
  remote: https://rubygems.org/
  specs:
    backports (3.6.8)
    hiredis (0.6.1)
    multi_json (1.12.1)
    nest (3.0.0)
      redic
    ohm (3.1.1)
      nest (~> 3)
      redic (~> 1.5.0)
      stal
    puma (3.7.1)
    rack (1.6.5)
    rack-protection (1.5.3)
      rack
    rack-test (0.6.3)
      rack (>= 1.0)
    redic (1.5.0)
      hiredis
    sinatra (1.4.8)
      rack (~> 1.5)
      rack-protection (~> 1.4)
      tilt (>= 1.3, < 3)
    sinatra-contrib (1.4.7)
      backports (>= 2.0)
      multi_json
      rack-protection
      rack-test
      sinatra (~> 1.4.0)
      tilt (>= 1.3, < 3)
    sinatra-reloader (1.0)
      sinatra-contrib
    stal (0.3.0)
      redic (~> 1.5)
    tilt (2.0.6)

PLATFORMS
  ruby

DEPENDENCIES
  ohm
  puma
  redic
  sinatra
  sinatra-reloader

BUNDLED WITH
   1.14.5
